PATH
  remote: .
  specs:
    simple_enum-scopes (0.0.1)
      simple_enum (~> 2.3)

GEM
  remote: https://rubygems.org/
  specs:
    activemodel (4.2.9)
      activesupport (= 4.2.9)
      builder (~> 3.1)
    activerecord (4.2.9)
      activemodel (= 4.2.9)
      activesupport (= 4.2.9)
      arel (~> 6.0)
    activesupport (4.2.9)
      i18n (~> 0.7)
      minitest (~> 5.1)
      thread_safe (~> 0.3, >= 0.3.4)
      tzinfo (~> 1.1)
    arel (6.0.4)
    bson (1.12.5)
    bson_ext (1.12.5)
      bson (~> 1.12.5)
    builder (3.2.3)
    coderay (1.1.1)
    diff-lcs (1.3)
    i18n (0.8.6)
    method_source (0.8.2)
    minitest (5.10.3)
    pry (0.10.4)
      coderay (~> 1.1.0)
      method_source (~> 0.8.1)
      slop (~> 3.4)
    rake (10.5.0)
    rspec (2.99.0)
      rspec-core (~> 2.99.0)
      rspec-expectations (~> 2.99.0)
      rspec-mocks (~> 2.99.0)
    rspec-core (2.99.2)
    rspec-expectations (2.99.2)
      diff-lcs (>= 1.1.3, < 2.0)
    rspec-mocks (2.99.4)
    simple_enum (2.3.0)
      activesupport (>= 4.0.0)
    slop (3.6.0)
    sqlite3 (1.3.13)
    thread_safe (0.3.6)
    tzinfo (1.2.3)
      thread_safe (~> 0.1)

PLATFORMS
  ruby

DEPENDENCIES
  activerecord (>= 4.0.0)
  activerecord-jdbcsqlite3-adapter
  bson_ext
  pry
  rake (~> 10.0)
  rspec (~> 2.14)
  simple_enum-scopes!
  sqlite3

BUNDLED WITH
   1.14.6
